GIT
  remote: git://github.com/Darmody/letter_avatar.git
  revision: 7051096c93e6a4c9b178a2a5abd805c50f2c7274
  branch: support-chinese
  specs:
    letter_avatar (0.1.0)

GIT
  remote: git://github.com/LcpMarvel/capistrano-sidekiq.git
  revision: 33293e8b7a6c7bb14c03f4fa12fa0b6dad09439d
  specs:
    capistrano-sidekiq (0.5.4)
      capistrano
      sidekiq (>= 3.4)

GIT
  remote: git://github.com/LcpMarvel/honey_sheet.git
  revision: 2cb88d6222c0a0f5d1573cebf1a712b86e405aba
  specs:
    honey_sheet (0.1.1)
      activesupport

GIT
  remote: git://github.com/jpush/jpush-api-ruby-client.git
  revision: 17e150a4c94c6ee29ebcfa2c8c84f331b531ead4
  specs:
    jpush (3.2.2)

GIT
  remote: git@git.che3bao.com:autobots/autohome_public_praise.git
  revision: 5b9168dbec4d8f1d84956e6385e18b6595d8ede4
  specs:
    autohome_public_praise (0.3.5.2)
      activesupport
      aliyun-sdk
      nokogiri
      rest-client

GIT
  remote: git@git.che3bao.com:autobots/rongcloud.git
  revision: bea708ae8e5835f8d60417065af78b1bffe8d3f2
  branch: master
  specs:
    rongcloud (0.1.1)
      multi_json
      rest-client (~> 1.8)

GIT
  remote: git@git.che3bao.com:serverbots/rack_utf8_validator.git
  revision: 6a9d36d23ce27ae5eeec7dab88e3ae08c66f3165
  tag: v0.1.1
  specs:
    rack_utf8_validator (0.1.0)

PATH
  remote: lib/engines/dashboard
  specs:
    dashboard (0.0.1)
      carrierwave-aliyun (~> 0.3.6)
      ipa_reader
      jquery-rails
      kaminari
      pundit
      rails (~> 4.2.5)
      ransack
      rest-client
      rubyzip (>= 1.0.0)
      sass-rails
      zip-zip

PATH
  remote: lib/engines/download
  specs:
    download (0.0.1)
      rails (~> 4.2.5.1)

GEM
  remote: https://rubygems.org/
  specs:
    CFPropertyList (2.1.1)
    aasm (4.9.0)
    act-fluent-logger-rails (0.3.0)
      fluent-logger
      rails (>= 4, < 5.1)
    actionmailer (4.2.5.1)
      actionpack (= 4.2.5.1)
      actionview (= 4.2.5.1)
      activejob (= 4.2.5.1)
      mail (~> 2.5, >= 2.5.4)
      rails-dom-testing (~> 1.0, >= 1.0.5)
    actionpack (4.2.5.1)
      actionview (= 4.2.5.1)
      activesupport (= 4.2.5.1)
      rack (~> 1.6)
      rack-test (~> 0.6.2)
      rails-dom-testing (~> 1.0, >= 1.0.5)
      rails-html-sanitizer (~> 1.0, >= 1.0.2)
    actionview (4.2.5.1)
      activesupport (= 4.2.5.1)
      builder (~> 3.1)
      erubis (~> 2.7.0)
      rails-dom-testing (~> 1.0, >= 1.0.5)
      rails-html-sanitizer (~> 1.0, >= 1.0.2)
    active_model_serializers (0.10.2)
      actionpack (>= 4.1, < 6)
      activemodel (>= 4.1, < 6)
      jsonapi (~> 0.1.1.beta2)
      railties (>= 4.1, < 6)
    activejob (4.2.5.1)
      activesupport (= 4.2.5.1)
      globalid (>= 0.3.0)
    activemodel (4.2.5.1)
      activesupport (= 4.2.5.1)
      builder (~> 3.1)
    activerecord (4.2.5.1)
      activemodel (= 4.2.5.1)
      activesupport (= 4.2.5.1)
      arel (~> 6.0)
    activerecord-import (0.12.0)
      activerecord (>= 3.0)
    activerecord-typedstore (0.6.1)
      activerecord (>= 3.2, < 5)
    activesupport (4.2.5.1)
      i18n (~> 0.7)
      json (~> 1.7, >= 1.7.7)
      minitest (~> 5.1)
      thread_safe (~> 0.3, >= 0.3.4)
      tzinfo (~> 1.1)
    addressable (2.4.0)
    aliyun-sdk (0.4.0)
      nokogiri (~> 1.6)
      rest-client (~> 1.8)
    annotate (2.7.0)
      activerecord (>= 3.2, < 6.0)
      rake (~> 10.4)
    api-pagination (4.3.0)
    arel (6.0.3)
    ast (2.2.0)
    autobots_license (1.0.0)
      rack
    bcrypt (3.1.10)
    better_errors (2.0.0)
      coderay (>= 1.0.0)
      erubis (>= 2.6.6)
      rack (>= 0.9.0)
    binding_of_caller (0.7.2)
      debug_inspector (>= 0.0.1)
    builder (3.2.2)
    bullet (5.0.0)
      activesupport (>= 3.0.0)
      uniform_notifier (~> 1.9.0)
    byebug (8.2.2)
    callsite (0.0.11)
    capistrano (3.4.0)
      i18n
      rake (>= 10.0.0)
      sshkit (~> 1.3)
    capistrano-bundler (1.1.4)
      capistrano (~> 3.1)
      sshkit (~> 1.2)
    capistrano-db-tasks (0.4)
      capistrano (>= 3.0.0)
    capistrano-rails (1.1.6)
      capistrano (~> 3.1)
      capistrano-bundler (~> 1.1)
    capistrano-rvm (0.1.2)
      capistrano (~> 3.0)
      sshkit (~> 1.2)
    capistrano-slackify (2.6.1)
      capistrano (>= 3.2.0)
      multi_json
    capistrano3-puma (1.2.1)
      capistrano (~> 3.0)
      puma (>= 2.6)
    carrierwave (0.10.0)
      activemodel (>= 3.2.0)
      activesupport (>= 3.2.0)
      json (>= 1.7)
      mime-types (>= 1.16)
    carrierwave-aliyun (0.3.6)
      carrierwave (>= 0.5.7)
      rest-client (>= 1.6.7)
    china_region_fu (0.0.6)
      actionpack
      activesupport
      httparty
    chinese_pinyin (1.0.0)
    chronic (0.10.2)
    chunky_png (1.3.5)
    coderay (1.1.1)
    concurrent-ruby (1.0.1)
    connection_pool (2.2.0)
    crack (0.4.3)
      safe_yaml (~> 1.0.0)
    dalli (2.7.6)
    database_cleaner (1.5.1)
    debug_inspector (0.0.2)
    deep_cloneable (2.2.1)
      activerecord (>= 3.1.0, < 5.2.0)
    diff-lcs (1.2.5)
    dokku-cli (0.3.1)
      thor (~> 0.19)
    domain_name (0.5.20160615)
      unf (>= 0.0.5, < 1.0.0)
    enumerize (1.1.1)
      activesupport (>= 3.2)
    enumerize_with_groups (0.3.0)
      enumerize
    erubis (2.7.0)
    exception_notification (4.1.4)
      actionmailer (~> 4.0)
      activesupport (~> 4.0)
    execjs (2.6.0)
    figaro (1.1.1)
      thor (~> 0.14)
    fluent-logger (0.5.1)
      msgpack (>= 0.4.4, < 0.6.0, != 0.5.3, != 0.5.2, != 0.5.1, != 0.5.0)
    get_process_mem (0.2.0)
    git-version-bump (0.15.1)
    globalid (0.3.6)
      activesupport (>= 4.1.0)
    grit (2.5.0)
      diff-lcs (~> 1.1)
      mime-types (~> 1.15)
      posix-spawn (~> 0.3.6)
    hashdiff (0.3.0)
    htmlentities (4.3.4)
    http-cookie (1.0.2)
      domain_name (~> 0.5)
    httparty (0.13.7)
      json (~> 1.8)
      multi_xml (>= 0.5.2)
    i18n (0.7.0)
    ipa_reader (0.7.1)
      CFPropertyList (= 2.1.1)
      zip (= 2.0.2)
    jquery-rails (4.1.1)
      rails-dom-testing (>= 1, < 3)
      railties (>= 4.2.0)
      thor (>= 0.14, < 2.0)
    json (1.8.3)
    jsonapi (0.1.1.beta2)
      json (~> 1.8)
    jwt (1.5.4)
    kaminari (0.16.3)
      actionpack (>= 3.0.0)
      activesupport (>= 3.0.0)
    kgio (2.10.0)
    kiba (0.6.1)
    launchy (2.4.3)
      addressable (~> 2.3)
    letter_opener (1.4.1)
      launchy (~> 2.2)
    libv8 (3.16.14.15)
    liquid (3.0.6)
    lograge (0.4.1)
      actionpack (>= 4, < 5.1)
      activesupport (>= 4, < 5.1)
      railties (>= 4, < 5.1)
    loofah (2.0.3)
      nokogiri (>= 1.5.9)
    mail (2.6.3)
      mime-types (>= 1.16, < 3)
    meta_request (0.4.0)
      callsite (~> 0.0, >= 0.0.11)
      rack-contrib (~> 1.1)
      railties (>= 3.0.0, < 5.1.0)
    method_source (0.8.2)
    migration_comments (0.3.2)
      activerecord (>= 2.3.2)
    mime-types (1.25.1)
    mini_portile2 (2.1.0)
    minitest (5.9.0)
    monetize (1.4.0)
      money (~> 6.7)
    money (6.7.0)
      i18n (>= 0.6.4, <= 0.7.0)
      sixarm_ruby_unaccent (>= 1.1.1, < 2)
    money-rails (1.6.0)
      activesupport (>= 3.0)
      monetize (~> 1.4.0)
      money (~> 6.7)
      railties (>= 3.0)
    msgpack (0.5.12)
    multi_json (1.12.1)
    multi_xml (0.5.5)
    mysql2 (0.4.3)
    nested-hstore (0.1.2)
      activerecord
      activesupport
    net-scp (1.2.1)
      net-ssh (>= 2.6.5)
    net-ssh (3.0.2)
    netrc (0.11.0)
    newrelic_rpm (3.16.0.318)
    nokogiri (1.6.8)
      mini_portile2 (~> 2.1.0)
      pkg-config (~> 1.1.7)
    params_builder (0.2.0)
    paranoia (2.1.5)
      activerecord (~> 4.0)
    paranoia_uniqueness_validator (1.1.0)
      activerecord (>= 4.0.0)
    parser (2.3.0.6)
      ast (~> 2.2)
    pg (0.18.4)
    pingpp (2.0.12)
      json (~> 1.8, >= 1.8.1)
      mime-types (>= 1.25, < 3.0)
      rest-client (~> 1.4)
    pkg-config (1.1.7)
    polyamorous (1.3.0)
      activerecord (>= 3.0)
    posix-spawn (0.3.11)
    powerpack (0.1.1)
    pry (0.10.3)
      coderay (~> 1.1.0)
      method_source (~> 0.8.1)
      slop (~> 3.4)
    pry-byebug (3.3.0)
      byebug (~> 8.0)
      pry (~> 0.10)
    puma (3.6.0)
    pundit (1.1.0)
      activesupport (>= 3.0.0)
    rack (1.6.4)
    rack-contrib (1.4.0)
      git-version-bump (~> 0.15)
      rack (~> 1.4)
    rack-cors (0.4.0)
    rack-jsonp-middleware (0.0.10)
      rack
    rack-protection (1.5.3)
      rack
    rack-test (0.6.3)
      rack (>= 1.0)
    rails (4.2.5.1)
      actionmailer (= 4.2.5.1)
      actionpack (= 4.2.5.1)
      actionview (= 4.2.5.1)
      activejob (= 4.2.5.1)
      activemodel (= 4.2.5.1)
      activerecord (= 4.2.5.1)
      activesupport (= 4.2.5.1)
      bundler (>= 1.3.0, < 2.0)
      railties (= 4.2.5.1)
      sprockets-rails
    rails-api (0.4.0)
      actionpack (>= 3.2.11)
      railties (>= 3.2.11)
    rails-deprecated_sanitizer (1.0.3)
      activesupport (>= 4.2.0.alpha)
    rails-dom-testing (1.0.7)
      activesupport (>= 4.2.0.beta, < 5.0)
      nokogiri (~> 1.6.0)
      rails-deprecated_sanitizer (>= 1.0.1)
    rails-html-sanitizer (1.0.3)
      loofah (~> 2.0)
    rails-i18n (4.0.8)
      i18n (~> 0.7)
      railties (~> 4.0)
    rails_param (0.9.0)
    railties (4.2.5.1)
      actionpack (= 4.2.5.1)
      activesupport (= 4.2.5.1)
      rake (>= 0.8.7)
      thor (>= 0.18.1, < 2.0)
    rainbow (2.1.0)
    rake (10.5.0)
    ransack (1.7.0)
      actionpack (>= 3.0)
      activerecord (>= 3.0)
      activesupport (>= 3.0)
      i18n
      polyamorous (~> 1.2)
    redis (3.2.2)
    ref (2.0.0)
    rest-client (1.8.0)
      http-cookie (>= 1.0.2, < 2.0)
      mime-types (>= 1.16, < 3.0)
      netrc (~> 0.7)
    roxml (3.3.1)
      activesupport (>= 2.3.0)
      nokogiri (>= 1.3.3)
    rqrcode (0.10.1)
      chunky_png (~> 1.0)
    rspec-core (3.4.4)
      rspec-support (~> 3.4.0)
    rspec-expectations (3.4.0)
      diff-lcs (>= 1.2.0, < 2.0)
      rspec-support (~> 3.4.0)
    rspec-mocks (3.4.1)
      diff-lcs (>= 1.2.0, < 2.0)
      rspec-support (~> 3.4.0)
    rspec-rails (3.4.2)
      actionpack (>= 3.0, < 4.3)
      activesupport (>= 3.0, < 4.3)
      railties (>= 3.0, < 4.3)
      rspec-core (~> 3.4.0)
      rspec-expectations (~> 3.4.0)
      rspec-mocks (~> 3.4.0)
      rspec-support (~> 3.4.0)
    rspec-support (3.4.1)
    rubocop (0.38.0)
      parser (>= 2.3.0.6, < 3.0)
      powerpack (~> 0.1)
      rainbow (>= 1.99.1, < 3.0)
      ruby-progressbar (~> 1.7)
      unicode-display_width (~> 1.0, >= 1.0.1)
    ruby-mass (0.1.3)
    ruby-ole (1.2.12)
    ruby-progressbar (1.7.5)
    rubyzip (1.2.0)
    safe_attributes (1.0.10)
      activerecord (>= 3.0.0)
    safe_yaml (1.0.4)
    sass (3.4.21)
    sass-rails (5.0.4)
      railties (>= 4.0.0, < 5.0)
      sass (~> 3.1)
      sprockets (>= 2.8, < 4.0)
      sprockets-rails (>= 2.0, < 4.0)
      tilt (>= 1.1, < 3)
    shortener (0.5.5)
      rails (>= 3.0.7)
    sidekiq (4.1.1)
      concurrent-ruby (~> 1.0)
      connection_pool (~> 2.2, >= 2.2.0)
      redis (~> 3.2, >= 3.2.1)
    sidekiq-status (0.6.0)
      sidekiq (>= 2.7)
    silencer (1.0.0.rc3)
    sinatra (1.4.7)
      rack (~> 1.5)
      rack-protection (~> 1.4)
      tilt (>= 1.3, < 3)
    sixarm_ruby_unaccent (1.1.1)
    slop (3.6.0)
    spreadsheet (1.1.1)
      ruby-ole (>= 1.0)
    spring (1.7.1)
    sprockets (3.5.2)
      concurrent-ruby (~> 1.0)
      rack (> 1, < 3)
    sprockets-rails (3.0.4)
      actionpack (>= 4.0)
      activesupport (>= 4.0)
      sprockets (>= 3.0.0)
    sshkit (1.9.0)
      net-scp (>= 1.1.2)
      net-ssh (>= 2.8.0)
    test_after_commit (1.0.0)
      activerecord (>= 3.2)
    therubyracer (0.12.2)
      libv8 (~> 3.16.14.0)
      ref
    thor (0.19.1)
    thread_safe (0.3.5)
    tilt (2.0.2)
    tzinfo (1.2.2)
      thread_safe (~> 0.1)
    uglifier (2.7.2)
      execjs (>= 0.3.0)
      json (>= 1.8.0)
    unf (0.1.4)
      unf_ext
    unf_ext (0.0.7.2)
    unicode-display_width (1.0.2)
    uniform_notifier (1.9.0)
    upsert (2.1.2)
    url_safe_base64 (0.2.2)
    vcr (3.0.1)
    webmock (1.24.2)
      addressable (>= 2.3.6)
      crack (>= 0.3.2)
      hashdiff
    whenever (0.9.4)
      chronic (>= 0.6.3)
    writeexcel (1.0.5)
    yunpian (0.2.1)
    zip (2.0.2)
    zip-zip (0.3)
      rubyzip (>= 1.0.0)

PLATFORMS
  ruby

DEPENDENCIES
  aasm
  act-fluent-logger-rails
  active_model_serializers
  activerecord-import
  activerecord-typedstore
  aliyun-sdk
  annotate
  api-pagination
  autobots_license
  autohome_public_praise (= 0.3.5.2)!
  bcrypt
  better_errors
  binding_of_caller
  bullet
  byebug
  capistrano
  capistrano-db-tasks
  capistrano-rails
  capistrano-rvm
  capistrano-sidekiq!
  capistrano-slackify
  capistrano3-puma
  carrierwave-aliyun (~> 0.3.6)
  china_region_fu
  chinese_pinyin
  connection_pool
  dalli
  dashboard!
  database_cleaner
  deep_cloneable
  dokku-cli
  download!
  enumerize
  enumerize_with_groups
  exception_notification
  figaro
  get_process_mem
  grit
  honey_sheet!
  htmlentities
  jpush!
  jwt
  kaminari
  kgio
  kiba
  letter_avatar!
  letter_opener
  liquid
  lograge
  meta_request
  migration_comments
  money-rails
  multi_json
  mysql2
  nested-hstore
  newrelic_rpm
  nokogiri
  params_builder
  paranoia
  paranoia_uniqueness_validator
  pg
  pingpp (~> 2.0.12)
  pry-byebug
  puma
  pundit
  rack-cors
  rack-jsonp-middleware
  rack_utf8_validator!
  rails (= 4.2.5.1)
  rails-api
  rails-i18n
  rails_param
  ransack
  redis
  rest-client
  rongcloud (= 0.1.1)!
  roxml
  rqrcode
  rspec-rails (~> 3.0)
  rubocop
  ruby-mass
  rubyzip
  safe_attributes
  sass-rails
  shortener
  sidekiq
  sidekiq-status
  silencer (~> 1.0.0.rc3)
  sinatra
  spreadsheet
  spring
  test_after_commit
  therubyracer
  uglifier
  upsert
  url_safe_base64
  vcr
  webmock
  whenever
  writeexcel
  yunpian

RUBY VERSION
   ruby 2.2.4p230

BUNDLED WITH
   1.14.3
